GEM
  remote: https://rubygems.org/
  specs:
    dotenv (2.0.2)
    eventmachine (1.0.8)
    faraday (0.9.1)
      multipart-post (>= 1.2, < 3)
    faraday_middleware (0.10.0)
      faraday (>= 0.7.4, < 0.10)
    faye-websocket (0.10.0)
      eventmachine (>= 0.12.0)
      websocket-driver (>= 0.5.1)
    multipart-post (2.0.0)
    slack-ruby-client (0.3.0)
      eventmachine
      faraday
      faraday_middleware
      faye-websocket
    websocket-driver (0.6.2)
      websocket-extensions (>= 0.1.0)
    websocket-extensions (0.1.2)

PLATFORMS
  ruby

DEPENDENCIES
  dotenv
  slack-ruby-client

RUBY VERSION
   ruby 2.4.0p0

BUNDLED WITH
   1.14.6
